GEM
  remote: https://rubygems.org/
  specs:
    actioncable (7.0.8.6)
      actionpack (= 7.0.8.6)
      activesupport (= 7.0.8.6)
      nio4r (~> 2.0)
      websocket-driver (>= 0.6.1)
    actionmailbox (7.0.8.6)
      actionpack (= 7.0.8.6)
      activejob (= 7.0.8.6)
      activerecord (= 7.0.8.6)
      activestorage (= 7.0.8.6)
      activesupport (= 7.0.8.6)
      mail (>= 2.7.1)
      net-imap
      net-pop
      net-smtp
    actionmailer (7.0.8.6)
      actionpack (= 7.0.8.6)
      actionview (= 7.0.8.6)
      activejob (= 7.0.8.6)
      activesupport (= 7.0.8.6)
      mail (~> 2.5, >= 2.5.4)
      net-imap
      net-pop
      net-smtp
      rails-dom-testing (~> 2.0)
    actionpack (7.0.8.6)
      actionview (= 7.0.8.6)
      activesupport (= 7.0.8.6)
      rack (~> 2.0, >= 2.2.4)
      rack-test (>= 0.6.3)
      rails-dom-testing (~> 2.0)
      rails-html-sanitizer (~> 1.0, >= 1.2.0)
    actiontext (7.0.8.6)
      actionpack (= 7.0.8.6)
      activerecord (= 7.0.8.6)
      activestorage (= 7.0.8.6)
      activesupport (= 7.0.8.6)
      globalid (>= 0.6.0)
      nokogiri (>= 1.8.5)
    actionview (7.0.8.6)
      activesupport (= 7.0.8.6)
      builder (~> 3.1)
      erubi (~> 1.4)
      rails-dom-testing (~> 2.0)
      rails-html-sanitizer (~> 1.1, >= 1.2.0)
    activejob (7.0.8.6)
      activesupport (= 7.0.8.6)
      globalid (>= 0.3.6)
    activemodel (7.0.8.6)
      activesupport (= 7.0.8.6)
    activerecord (7.0.8.6)
      activemodel (= 7.0.8.6)
      activesupport (= 7.0.8.6)
    activestorage (7.0.8.6)
      actionpack (= 7.0.8.6)
      activejob (= 7.0.8.6)
      activerecord (= 7.0.8.6)
      activesupport (= 7.0.8.6)
      marcel (~> 1.0)
      mini_mime (>= 1.1.0)
    activesupport (7.0.8.6)
      concurrent-ruby (~> 1.0, >= 1.0.2)
      i18n (>= 1.6, < 2)
      minitest (>= 5.1)
      tzinfo (~> 2.0)
    addressable (2.8.6)
      public_suffix (>= 2.0.2, < 6.0)
    bcrypt (3.1.20)
    bindex (0.8.1)
    bootsnap (1.18.3)
      msgpack (~> 1.2)
    brakeman (6.1.2)
      racc
    builder (3.3.0)
    bundler-audit (0.9.1)
      bundler (>= 1.2.0, < 3)
      thor (~> 1.0)
    byebug (11.1.3)
    climate_control (0.2.0)
    cocoon (1.2.15)
    concurrent-ruby (1.3.4)
    crass (1.0.6)
    date (3.4.0)
    devise (4.9.3)
      bcrypt (~> 3.0)
      orm_adapter (~> 0.1)
      railties (>= 4.1.0)
      responders
      warden (~> 1.2.3)
    diff-lcs (1.5.1)
    dotenv (2.8.1)
    dotenv-rails (2.8.1)
      dotenv (= 2.8.1)
      railties (>= 3.2)
    erubi (1.13.0)
    execjs (2.9.1)
    factory_bot (6.5.0)
      activesupport (>= 5.0.0)
    factory_bot_rails (6.4.4)
      factory_bot (~> 6.5)
      railties (>= 5.0.0)
    ffi (1.16.3)
    globalid (1.2.1)
      activesupport (>= 6.1)
    htmlentities (4.3.4)
    i18n (1.14.6)
      concurrent-ruby (~> 1.0)
    jbuilder (2.11.5)
      actionview (>= 5.0.0)
      activesupport (>= 5.0.0)
    jquery-rails (4.5.1)
      rails-dom-testing (>= 1, < 3)
      railties (>= 4.2.0)
      thor (>= 0.14, < 2.0)
    kaminari (1.2.2)
      activesupport (>= 4.1.0)
      kaminari-actionview (= 1.2.2)
      kaminari-activerecord (= 1.2.2)
      kaminari-core (= 1.2.2)
    kaminari-actionview (1.2.2)
      actionview
      kaminari-core (= 1.2.2)
    kaminari-activerecord (1.2.2)
      activerecord
      kaminari-core (= 1.2.2)
    kaminari-core (1.2.2)
    kramdown (2.4.0)
      rexml
    kt-paperclip (7.1.1)
      activemodel (>= 4.2.0)
      activesupport (>= 4.2.0)
      marcel (~> 1.0.1)
      mime-types
      terrapin (~> 0.6.0)
    libv8-node (16.19.0.1)
    libv8-node (16.19.0.1-aarch64-linux)
    libv8-node (16.19.0.1-x86_64-linux)
    listen (3.9.0)
      rb-fsevent (~> 0.10, >= 0.10.3)
      rb-inotify (~> 0.9, >= 0.9.10)
    local_time (2.1.0)
    loofah (2.23.1)
      crass (~> 1.0.2)
      nokogiri (>= 1.12.0)
    mail (2.8.1)
      mini_mime (>= 0.1.1)
      net-imap
      net-pop
      net-smtp
    marcel (1.0.4)
    method_source (1.1.0)
    mime-types (3.5.2)
      mime-types-data (~> 3.2015)
    mime-types-data (3.2024.0305)
    mini_magick (4.12.0)
    mini_mime (1.1.5)
    mini_portile2 (2.8.7)
    mini_racer (0.6.4)
      libv8-node (~> 16.19.0.0)
    minitest (5.25.1)
    msgpack (1.7.2)
    multi_json (1.15.0)
    mustache (1.1.1)
    net-imap (0.4.18)
      date
      net-protocol
    net-pop (0.1.2)
      net-protocol
    net-protocol (0.2.2)
      timeout
    net-smtp (0.5.0)
      net-protocol
    nio4r (2.7.4)
    nokogiri (1.16.7)
      mini_portile2 (~> 2.8.2)
      racc (~> 1.4)
    nokogiri (1.16.7-aarch64-linux)
      racc (~> 1.4)
    nokogiri (1.16.7-x86_64-linux)
      racc (~> 1.4)
    onebox (2.2.19)
      addressable (~> 2.8.0)
      htmlentities (~> 4.3)
      multi_json (~> 1.11)
      mustache
      nokogiri (~> 1.7)
      sanitize
    orm_adapter (0.5.0)
    paper_trail (14.0.0)
      activerecord (>= 6.0)
      request_store (~> 1.4)
    pg (1.4.6)
    public_suffix (5.0.4)
    puma (6.4.2)
      nio4r (~> 2.0)
    pundit (2.3.1)
      activesupport (>= 3.0.0)
    pundit-matchers (3.1.2)
      rspec-core (~> 3.12)
      rspec-expectations (~> 3.12)
      rspec-mocks (~> 3.12)
      rspec-support (~> 3.12)
    racc (1.8.1)
    rack (2.2.10)
    rack-cors (2.0.2)
      rack (>= 2.0.0)
    rack-proxy (0.7.7)
      rack
    rack-test (2.1.0)
      rack (>= 1.3)
    rails (7.0.8.6)
      actioncable (= 7.0.8.6)
      actionmailbox (= 7.0.8.6)
      actionmailer (= 7.0.8.6)
      actionpack (= 7.0.8.6)
      actiontext (= 7.0.8.6)
      actionview (= 7.0.8.6)
      activejob (= 7.0.8.6)
      activemodel (= 7.0.8.6)
      activerecord (= 7.0.8.6)
      activestorage (= 7.0.8.6)
      activesupport (= 7.0.8.6)
      bundler (>= 1.15.0)
      railties (= 7.0.8.6)
    rails-dom-testing (2.2.0)
      activesupport (>= 5.0.0)
      minitest
      nokogiri (>= 1.6)
    rails-html-sanitizer (1.6.0)
      loofah (~> 2.21)
      nokogiri (~> 1.14)
    rails_autolink (1.1.8)
      actionview (> 3.1)
      activesupport (> 3.1)
      railties (> 3.1)
    railties (7.0.8.6)
      actionpack (= 7.0.8.6)
      activesupport (= 7.0.8.6)
      method_source
      rake (>= 12.2)
      thor (~> 1.0)
      zeitwerk (~> 2.5)
    rake (13.0.6)
    ransack (3.2.1)
      activerecord (>= 6.1.5)
      activesupport (>= 6.1.5)
      i18n
    rb-fsevent (0.11.2)
    rb-inotify (0.10.1)
      ffi (~> 1.0)
    request_store (1.6.0)
      rack (>= 1.4)
    responders (3.1.1)
      actionpack (>= 5.2)
      railties (>= 5.2)
    rexml (3.3.1)
      strscan
    rspec-core (3.13.2)
      rspec-support (~> 3.13.0)
    rspec-expectations (3.13.3)
      diff-lcs (>= 1.2.0, < 2.0)
      rspec-support (~> 3.13.0)
    rspec-mocks (3.13.2)
      diff-lcs (>= 1.2.0, < 2.0)
      rspec-support (~> 3.13.0)
    rspec-rails (7.1.0)
      actionpack (>= 7.0)
      activesupport (>= 7.0)
      railties (>= 7.0)
      rspec-core (~> 3.13)
      rspec-expectations (~> 3.13)
      rspec-mocks (~> 3.13)
      rspec-support (~> 3.13)
    rspec-support (3.13.1)
    rspec_junit_formatter (0.6.0)
      rspec-core (>= 2, < 4, != 2.12.0)
    sanitize (6.0.2)
      crass (~> 1.0.2)
      nokogiri (>= 1.12.0)
    semantic_range (3.0.0)
    shoulda-matchers (5.3.0)
      activesupport (>= 5.2.0)
    spring (4.1.3)
    sprockets (4.2.1)
      concurrent-ruby (~> 1.0)
      rack (>= 2.2.4, < 4)
    sprockets-rails (3.4.2)
      actionpack (>= 5.2)
      activesupport (>= 5.2)
      sprockets (>= 3.0.0)
    strscan (3.1.0)
    terrapin (0.6.0)
      climate_control (>= 0.0.3, < 1.0)
    thor (1.3.2)
    timeout (0.4.2)
    tzinfo (2.0.6)
      concurrent-ruby (~> 1.0)
    uglifier (4.2.0)
      execjs (>= 0.3.0, < 3)
    warden (1.2.9)
      rack (>= 2.0.9)
    web-console (4.2.1)
      actionview (>= 6.0.0)
      activemodel (>= 6.0.0)
      bindex (>= 0.4.0)
      railties (>= 6.0.0)
    webpacker (5.4.4)
      activesupport (>= 5.2)
      rack-proxy (>= 0.6.1)
      railties (>= 5.2)
      semantic_range (>= 2.3.0)
    websocket-driver (0.7.6)
      websocket-extensions (>= 0.1.0)
    websocket-extensions (0.1.5)
    zeitwerk (2.6.18)

PLATFORMS
  aarch64-linux
  ruby
  x86_64-linux

DEPENDENCIES
  bcrypt (~> 3.1.18)
  bootsnap (~> 1.16)
  brakeman
  bundler-audit
  byebug (~> 11.1.3)
  cocoon (~> 1.2.15)
  devise (~> 4.9.2)
  dotenv-rails (~> 2.8.1)
  factory_bot_rails (~> 6.4.4)
  jbuilder (~> 2.11.5)
  jquery-rails (~> 4.5.1)
  kaminari (~> 1.2.2)
  kramdown (~> 2.4.0)
  kt-paperclip (~> 7.1.1)
  listen
  local_time (~> 2.1.0)
  mini_magick (~> 4.12.0)
  mini_racer (~> 0.6.3)
  nokogiri (~> 1.16.2)
  onebox (~> 2.2.19)
  paper_trail (~> 14.0.0)
  pg (~> 1.4.6)
  puma (~> 6.4.2)
  pundit (~> 2.3.0)
  pundit-matchers (~> 3.1.2)
  rack-cors (~> 2.0.1)
  rails (= 7.0.8.6)
  rails_autolink (~> 1.1.8)
  rake (= 13.0.6)
  ransack (~> 3.2.1)
  rspec-rails (~> 7.1.0)
  rspec_junit_formatter
  sanitize (~> 6.0.1)
  shoulda-matchers (~> 5.3.0)
  spring (~> 4.1.1)
  sprockets-rails
  uglifier (>= 4.2.0)
  web-console (~> 4.2.0)
  webpacker (~> 5.4.4)

BUNDLED WITH
   2.3.5
